GEM
  remote: https://rubygems.org/
  specs:
    diff-lcs (1.2.5)
    gli (2.13.1)
    rake (10.4.2)
    rspec (3.2.0)
      rspec-core (~> 3.2.0)
      rspec-expectations (~> 3.2.0)
      rspec-mocks (~> 3.2.0)
    rspec-core (3.2.3)
      rspec-support (~> 3.2.0)
    rspec-expectations (3.2.1)
      diff-lcs (>= 1.2.0, < 2.0)
      rspec-support (~> 3.2.0)
    rspec-mocks (3.2.1)
      diff-lcs (>= 1.2.0, < 2.0)
      rspec-support (~> 3.2.0)
    rspec-support (3.2.2)

PLATFORMS
  ruby

DEPENDENCIES
  bundler (~> 1.10.3)
  gli (~> 2.13.0)
  rake (~> 10.4.2)
  rspec (~> 3.2.0)

BUNDLED WITH
   1.10.3
